{
    "AcquisitionMatrixPE": 96,
    "AcquisitionNumber": 1,
    "AcquisitionTime": "11:06:44.962500",
    "BandwidthPerPixelPhaseEncode": 31.566,
    "BaseResolution": 96,
    "BodyPartExamined": "HEAD",
    "ConsistencyInfo": "N4_VE11C_LATEST_20160120",
    "ConversionSoftware": "dcm2niix",
    "ConversionSoftwareVersion": "v1.0.20180622 GCC7.3.0",
    "DerivedVendorReportedEchoSpacing": 0.000659993,
    "DeviceSerialNumber": "45250",
    "DwellTime": 2.9e-06,
    "EchoTime": 0.03,
    "EchoTrainLength": 48,
    "EffectiveEchoSpacing": 0.000329996,
    "FlipAngle": 65,
    "ImageComments": "Unaliased_MB4_PE4_LB_D",
    "ImageOrientationPatientDICOM": [
        0.997074,
        0.0755111,
        0.0118549,
        -0.064478,
        0.914203,
        -0.400095
    ],
    "ImageType": [
        "ORIGINAL",
        "PRIMARY",
        "M",
        "MB",
        "ND",
        "NORM",
        "MOSAIC"
    ],
    "InPlanePhaseEncodingDirectionDICOM": "COL",
    "InstitutionAddress": "deleted_by_bidsonym",
    "InstitutionName": "deleted_by_bidsonym",
    "InstitutionalDepartmentName": "deleted_by_bidsonym",
    "MRAcquisitionType": "2D",
    "MagneticFieldStrength": 3,
    "Manufacturer": "Siemens",
    "ManufacturersModelName": "Skyra",
    "Modality": "MR",
    "MultibandAccelerationFactor": 4,
    "ParallelReductionFactorInPlane": 2,
    "PartialFourier": 1,
    "PatientPosition": "HFS",
    "PercentPhaseFOV": 100,
    "PhaseEncodingDirection": "j",
    "PhaseEncodingSteps": 96,
    "PhaseResolution": 1,
    "PixelBandwidth": 1795,
    "ProcedureStepDescription": "deleted_by_bidsonym",
    "ProtocolName": "func_task-soccer_acq-multiband_soccer",
    "PulseSequenceDetails": "%CustomerSeq%_cmrr_mbep2d_bold",
    "ReceiveCoilActiveElements": "HEA;HEP",
    "ReceiveCoilName": "Head_32",
    "ReconMatrixPE": 96,
    "RepetitionTime": 1.4,
    "SAR": 0.0874401,
    "ScanOptions": "FS_EXT",
    "ScanningSequence": "EP",
    "SequenceName": "epfid2d1_96",
    "SequenceVariant": "SK_SS",
    "SeriesDescription": "func_task-soccer_acq-multiband_soccer",
    "SeriesNumber": 13,
    "ShimSetting": [
        -1125,
        -3051,
        -4031,
        780,
        841,
        1076,
        210,
        -790
    ],
    "SliceThickness": 2.5,
    "SliceTiming": [
        0,
        0.735,
        0.0925,
        0.8275,
        0.1825,
        0.92,
        0.275,
        1.0125,
        0.3675,
        1.1025,
        0.46,
        1.195,
        0.5525,
        1.2875,
        0.6425,
        0,
        0.735,
        0.0925,
        0.8275,
        0.1825,
        0.92,
        0.275,
        1.0125,
        0.3675,
        1.1025,
        0.46,
        1.195,
        0.5525,
        1.2875,
        0.6425,
        0,
        0.735,
        0.0925,
        0.8275,
        0.1825,
        0.92,
        0.275,
        1.0125,
        0.3675,
        1.1025,
        0.46,
        1.195,
        0.5525,
        1.2875,
        0.6425,
        0,
        0.735,
        0.0925,
        0.8275,
        0.1825,
        0.92,
        0.275,
        1.0125,
        0.3675,
        1.1025,
        0.46,
        1.195,
        0.5525,
        1.2875,
        0.6425
    ],
    "SoftwareVersions": "syngo_MR_E11",
    "SpacingBetweenSlices": 2.5,
    "StationName": "deleted_by_bidsonym",
    "TotalReadoutTime": 0.0313497,
    "TxRefAmp": 338.649
}